GEM
  remote: https://rubygems.org/
  specs:
    addressable (2.5.2)
      public_suffix (>= 2.0.2, < 4.0)
    dotenv (2.7.4)
    faraday (0.13.1)
      multipart-post (>= 1.2, < 3)
    highline (1.7.10)
    multipart-post (2.0.0)
    octokit (4.7.0)
      sawyer (~> 0.8.0, >= 0.5.3)
    options (2.3.2)
    progress_bar (1.1.0)
      highline (~> 1.6)
      options (~> 2.3.0)
    public_suffix (3.0.1)
    sawyer (0.8.1)
      addressable (>= 2.3.5, < 2.6)
      faraday (~> 0.8, < 1.0)

PLATFORMS
  ruby

DEPENDENCIES
  dotenv (~> 2.7)
  octokit (~> 4.7)
  progress_bar (~> 1.1.0)

BUNDLED WITH
   1.15.4
